GIT
  remote: https://github.com/lxc/ruby-lxc.git
  revision: e18dc18d8dc4c54e3d2ec3dee67502de1e8af6e1
  specs:
    ruby-lxc (1.2.0)

GEM
  remote: https://rubygems.org/
  specs:
    backports (3.6.4)
    json (1.8.2)
    multi_json (1.11.0)
    puma (2.11.2)
      rack (>= 1.1, < 2.0)
    rack (1.6.0)
    rack-protection (1.5.3)
      rack
    rack-test (0.6.3)
      rack (>= 1.0)
    sinatra (1.4.6)
      rack (~> 1.4)
      rack-protection (~> 1.4)
      tilt (>= 1.3, < 3)
    sinatra-contrib (1.4.2)
      backports (>= 2.0)
      multi_json
      rack-protection
      rack-test
      sinatra (~> 1.4.0)
      tilt (~> 1.3)
    tilt (1.4.1)

PLATFORMS
  ruby

DEPENDENCIES
  json
  puma
  ruby-lxc!
  sinatra
  sinatra-contrib
  tilt (~> 1.3)
